PATH
  remote: .
  specs:
    sightstone (1.4.5)
      rest-client

GEM
  remote: https://rubygems.org/
  specs:
    mime-types (2.2)
    rake (10.1.1)
    rest-client (1.6.7)
      mime-types (>= 1.16)

PLATFORMS
  x64-mingw32

DEPENDENCIES
  rake
  sightstone!
